GEM
  remote: https://rubygems.org/
  specs:
    algorithms (1.0.0)
    coderay (1.1.3)
    method_source (1.0.0)
    pry (0.14.2)
      coderay (~> 1.1)
      method_source (~> 1.0)
    pry-nav (1.0.0)
      pry (>= 0.9.10, < 0.15)

PLATFORMS
  x86_64-darwin-21
  x86_64-linux

DEPENDENCIES
  algorithms
  pry
  pry-nav

RUBY VERSION
   ruby 3.2.0p0

BUNDLED WITH
   2.4.5
