GEM
  remote: https://rubygems.org/
  specs:
    algorithms (1.0.0)

PLATFORMS
  x86_64-darwin-21
  x86_64-linux

DEPENDENCIES
  algorithms

RUBY VERSION
   ruby 3.2.0p0

BUNDLED WITH
   2.4.5
