GEM
  remote: https://rubygems.org/
  specs:
    coderay (1.1.3)
    csv (3.3.2)
    method_source (1.1.0)
    mini_portile2 (2.8.8)
    pry (0.15.2)
      coderay (~> 1.1)
      method_source (~> 1.0)
    sqlite3 (1.6.9)
      mini_portile2 (~> 2.8.0)

PLATFORMS
  ruby
  x86_64-linux

DEPENDENCIES
  csv
  pry
  sqlite3 (~> 1.6.9)

BUNDLED WITH
   2.6.2
